GEM
  remote: https://rubygems.org/
  specs:
    addressable (2.3.6)
    css_parser (1.3.5)
      addressable
    diff-lcs (1.1.3)
    git-commit-notifier (0.12.6)
      diff-lcs (~> 1.1.2)
      nntp (~> 1.0)
      nokogiri (~> 1.4, < 1.6.0)
      premailer (~> 1.7, >= 1.7.1, != 1.7.2)
      yajl-ruby (~> 1.0)
    htmlentities (4.3.1)
    nntp (1.0.0)
    nokogiri (1.5.11)
    premailer (1.8.2)
      css_parser (>= 1.3.5)
      htmlentities (>= 4.0.0)
    rack (1.5.2)
    rack-protection (1.5.3)
      rack
    sinatra (1.4.5)
      rack (~> 1.4)
      rack-protection (~> 1.4)
      tilt (~> 1.3, >= 1.3.4)
    tilt (1.4.1)
    yajl-ruby (1.2.0)

PLATFORMS
  ruby

DEPENDENCIES
  git-commit-notifier
  sinatra
